GIT
  remote: https://github.com/NetcomKassel/sinatra-swagger-exposer.git
  revision: 35e10fd3f91fb8a4390be281bd4fb766f8c90518
  specs:
    sinatra-swagger-exposer (1.0.15)
      mime-types (~> 2.6, >= 2.6.2)
      sinatra (~> 2.0, >= 2.0.2)

GEM
  remote: https://rubygems.org/
  specs:
    activemodel (5.2.8.1)
      activesupport (= 5.2.8.1)
    activerecord (5.2.8.1)
      activemodel (= 5.2.8.1)
      activesupport (= 5.2.8.1)
      arel (>= 9.0)
    activesupport (5.2.8.1)
      concurrent-ruby (~> 1.0, >= 1.0.2)
      i18n (>= 0.7, < 2)
      minitest (~> 5.1)
      tzinfo (~> 1.1)
    arel (9.0.0)
    concurrent-ruby (1.1.10)
    i18n (1.11.0)
      concurrent-ruby (~> 1.0)
    mime-types (2.99.3)
    minitest (5.16.2)
    mustermann (2.0.2)
      ruby2_keywords (~> 0.0.1)
    rack (2.2.6.2)
    rack-protection (2.2.3)
      rack
    rake (12.3.3)
    ruby2_keywords (0.0.5)
    sinatra (2.2.3)
      mustermann (~> 2.0)
      rack (~> 2.2)
      rack-protection (= 2.2.3)
      tilt (~> 2.0)
    sinatra-activerecord (2.0.18)
      activerecord (>= 4.1)
      sinatra (>= 1.0)
    sqlite3 (1.4.2)
    thread_safe (0.3.6)
    tilt (2.0.11)
    tzinfo (1.2.10)
      thread_safe (~> 0.1)

PLATFORMS
  ruby

DEPENDENCIES
  activerecord (~> 5)
  rake (~> 12.3, >= 12.3.3)
  sinatra (~> 2.2.3)
  sinatra-activerecord (~> 2.0)
  sinatra-swagger-exposer!
  sqlite3 (~> 1.3)

BUNDLED WITH
   2.0.2
