GIT
  remote: https://github.com/NetcomKassel/sinatra-swagger-exposer.git
  revision: 06c689a46ff7704246669ceeabbcbe2fa1925f13
  specs:
    sinatra-swagger-exposer (1.0.1)
      mime-types (~> 2.6.2)
      sinatra (~> 2.0.2)

GEM
  remote: https://rubygems.org/
  specs:
    activemodel (5.1.1)
      activesupport (= 5.1.1)
    activerecord (5.1.1)
      activemodel (= 5.1.1)
      activesupport (= 5.1.1)
      arel (~> 8.0)
    activesupport (5.1.1)
      concurrent-ruby (~> 1.0, >= 1.0.2)
      i18n (~> 0.7)
      minitest (~> 5.1)
      tzinfo (~> 1.1)
    arel (8.0.0)
    concurrent-ruby (1.0.5)
    i18n (0.8.4)
    mime-types (2.6.2)
    minitest (5.10.2)
    mustermann (1.0.0)
    rack (2.2.2)
    rack-protection (2.0.0)
      rack
    rake (12.0.0)
    sinatra (2.0.2)
      mustermann (~> 1.0)
      rack (~> 2.0)
      rack-protection (= 2.0.0)
      tilt (~> 2.0)
    sinatra-activerecord (2.0.13)
      activerecord (>= 3.2)
      sinatra (>= 1.0)
    sqlite3 (1.3.13)
    thread_safe (0.3.6)
    tilt (2.0.7)
    tzinfo (1.2.3)
      thread_safe (~> 0.1)

PLATFORMS
  ruby

DEPENDENCIES
  activerecord (~> 5)
  rake (~> 12.0)
  sinatra (~> 2.0.2)
  sinatra-activerecord (~> 2.0)
  sinatra-swagger-exposer!
  sqlite3 (~> 1.3)

BUNDLED WITH
   1.15.1
